GEM
  remote: http://rubygems.org/
  specs:
    activesupport (3.0.5)
    addressable (2.2.4)
    bcrypt-ruby (2.1.4)
    capistrano (2.5.19)
      highline
      net-scp (>= 1.0.0)
      net-sftp (>= 2.0.0)
      net-ssh (>= 2.0.14)
      net-ssh-gateway (>= 1.0.0)
    daemons (1.1.0)
    data_mapper (1.1.0)
      dm-aggregates (= 1.1.0)
      dm-constraints (= 1.1.0)
      dm-core (= 1.1.0)
      dm-migrations (= 1.1.0)
      dm-serializer (= 1.1.0)
      dm-timestamps (= 1.1.0)
      dm-transactions (= 1.1.0)
      dm-types (= 1.1.0)
      dm-validations (= 1.1.0)
    data_objects (0.10.3)
      addressable (~> 2.1)
    dm-aggregates (1.1.0)
      dm-core (~> 1.1.0)
    dm-constraints (1.1.0)
      dm-core (~> 1.1.0)
    dm-core (1.1.0)
      addressable (~> 2.2.4)
    dm-do-adapter (1.1.0)
      data_objects (~> 0.10.2)
      dm-core (~> 1.1.0)
    dm-migrations (1.1.0)
      dm-core (~> 1.1.0)
    dm-mysql-adapter (1.1.0)
      dm-do-adapter (~> 1.1.0)
      do_mysql (~> 0.10.2)
    dm-serializer (1.1.0)
      dm-core (~> 1.1.0)
      fastercsv (~> 1.5.4)
      json (~> 1.4.6)
    dm-sqlite-adapter (1.1.0)
      dm-do-adapter (~> 1.1.0)
      do_sqlite3 (~> 0.10.2)
    dm-timestamps (1.1.0)
      dm-core (~> 1.1.0)
    dm-transactions (1.1.0)
      dm-core (~> 1.1.0)
    dm-types (1.1.0)
      bcrypt-ruby (~> 2.1.4)
      dm-core (~> 1.1.0)
      fastercsv (~> 1.5.4)
      json (~> 1.4.6)
      stringex (~> 1.2.0)
      uuidtools (~> 2.1.2)
    dm-validations (1.1.0)
      dm-core (~> 1.1.0)
    do_mysql (0.10.3)
      data_objects (= 0.10.3)
    do_sqlite3 (0.10.3)
      data_objects (= 0.10.3)
    eventmachine (0.12.10)
    fastercsv (1.5.4)
    git (1.2.5)
    gitshapage (0.0.6)
      capistrano (>= 2)
    haml (3.0.25)
    highline (1.6.1)
    http_router (0.5.4)
      rack (>= 1.0.0)
      url_mount (~> 0.2.1)
    i18n (0.5.0)
    json (1.4.6)
    mail (2.2.15)
      activesupport (>= 2.3.6)
      i18n (>= 0.4.0)
      mime-types (~> 1.16)
      treetop (~> 1.4.8)
    mime-types (1.16)
    net-scp (1.0.4)
      net-ssh (>= 1.99.1)
    net-sftp (2.0.5)
      net-ssh (>= 2.0.9)
    net-ssh (2.1.3)
    net-ssh-gateway (1.0.1)
      net-ssh (>= 1.99.1)
    padrino (0.9.23)
      padrino-admin (= 0.9.23)
      padrino-cache (= 0.9.23)
      padrino-core (= 0.9.23)
      padrino-gen (= 0.9.23)
      padrino-helpers (= 0.9.23)
      padrino-mailer (= 0.9.23)
    padrino-admin (0.9.23)
      padrino-core (= 0.9.23)
      padrino-helpers (= 0.9.23)
    padrino-cache (0.9.23)
      padrino-core (= 0.9.23)
    padrino-core (0.9.23)
      activesupport (>= 3.0.0)
      http_router (~> 0.5.4)
      sinatra (~> 1.2.0)
      thor (>= 0.14.3)
      tzinfo
    padrino-gen (0.9.23)
      bundler (>= 1.0.2)
      git
      padrino-core (= 0.9.23)
    padrino-helpers (0.9.23)
      i18n (>= 0.4.1)
      padrino-core (= 0.9.23)
    padrino-mailer (0.9.23)
      mail (>= 2.2.0)
      padrino-core (= 0.9.23)
    polyglot (0.3.1)
    rack (1.2.2)
    rack-flash (0.1.1)
      rack
    rake (0.8.7)
    redis (2.1.1)
    redis-namespace (0.10.0)
      redis (< 3.0.0)
    sinatra (1.2.1)
      rack (~> 1.1)
      tilt (>= 1.2.2, < 2.0)
    stringex (1.2.1)
    thin (1.2.8)
      daemons (>= 1.0.9)
      eventmachine (>= 0.12.6)
      rack (>= 1.0.0)
    thor (0.14.6)
    tilt (1.2.2)
    treetop (1.4.9)
      polyglot (>= 0.3.1)
    tzinfo (0.3.25)
    url_mount (0.2.1)
      rack
    uuidtools (2.1.2)

PLATFORMS
  ruby

DEPENDENCIES
  bcrypt-ruby
  capistrano
  data_mapper
  dm-mysql-adapter
  dm-sqlite-adapter
  gitshapage
  haml
  padrino (= 0.9.23)
  rack-flash
  rake
  redis
  redis-namespace
  thin
